GIT
  remote: git://github.com/sinatra/sinatra.git
  revision: 5c1bffff7f9a4fd1981e4835a4fff1d4cbc3ab99
  specs:
    sinatra (1.4.2)
      rack (~> 1.5, >= 1.5.2)
      rack-protection (~> 1.4)
      tilt (~> 1.3, >= 1.3.4)

GEM
  remote: http://rubygems.org/
  specs:
    rack (1.5.2)
    rack-protection (1.5.0)
      rack
    shotgun (0.9)
      rack (>= 1.0)
    tilt (1.3.6)

PLATFORMS
  ruby

DEPENDENCIES
  shotgun
  sinatra!
